GEM
  remote: http://rubygems.org/
  specs:
    addressable (2.2.6)
    aruba (0.4.6)
      bcat (>= 0.6.1)
      childprocess (>= 0.2.0)
      cucumber (>= 1.0.2)
      rdiscount (>= 1.6.8)
      rspec (>= 2.6.0)
    bcat (0.6.2)
      rack (~> 1.0)
    builder (3.0.0)
    childprocess (0.2.2)
      ffi (~> 1.0.6)
    chunky_png (1.2.5)
    compass (0.11.5)
      chunky_png (~> 1.2)
      fssm (>= 0.2.7)
      sass (~> 3.1)
    cucumber (1.1.0)
      builder (>= 2.1.2)
      diff-lcs (>= 1.1.2)
      gherkin (~> 2.5.0)
      json (>= 1.4.6)
      term-ansicolor (>= 1.0.6)
    diff-lcs (1.1.3)
    em-websocket (0.3.1)
      addressable (>= 2.1.1)
      eventmachine (>= 0.12.9)
    eventmachine (0.12.10)
    ffi (1.0.9)
    fssm (0.2.7)
    gherkin (2.5.1)
      json (>= 1.4.6)
    git (1.2.5)
    guard (0.8.4)
      thor (~> 0.14.6)
    guard-livereload (0.3.1)
      em-websocket (>= 0.2.0)
      guard (>= 0.4.0)
      multi_json (~> 1.0.3)
    hike (1.2.1)
    jeweler (1.6.4)
      bundler (~> 1.0)
      git (>= 1.2.5)
      rake
    json (1.6.1)
    multi_json (1.0.3)
    rack (1.3.5)
    rake (0.9.2)
    rcov (0.9.10)
    rdiscount (1.6.8)
    rspec (2.6.0)
      rspec-core (~> 2.6.0)
      rspec-expectations (~> 2.6.0)
      rspec-mocks (~> 2.6.0)
    rspec-core (2.6.4)
    rspec-expectations (2.6.0)
      diff-lcs (~> 1.1.2)
    rspec-mocks (2.6.0)
    rubyzip (0.9.4)
    sass (3.1.8)
    sprockets (2.0.2)
      hike (~> 1.2)
      rack (~> 1.0)
      tilt (~> 1.1, != 1.3.0)
    sprockets-sass (0.3.0)
      sprockets (~> 2.0)
    term-ansicolor (1.0.6)
    thor (0.14.6)
    tilt (1.3.3)

PLATFORMS
  ruby

DEPENDENCIES
  aruba
  bundler (~> 1.0.0)
  compass (~> 0.11.5)
  cucumber
  guard (~> 0.8.4)
  guard-livereload (~> 0.3.1)
  jeweler (~> 1.6.4)
  json (~> 1.6.1)
  rack (~> 1.3.5)
  rcov
  rspec
  rubyzip (~> 0.9.4)
  sass (~> 3.1.8)
  sprockets (~> 2.0.2)
  sprockets-sass (~> 0.3.0)
  thor (~> 0.14.6)
